GEM
  specs:
    bigdecimal (3.1.9)
    dotenv (3.1.7)
    sequel (5.90.0)
      bigdecimal

PLATFORMS
  arm64-darwin-24
  ruby

DEPENDENCIES
  dotenv
  sequel

BUNDLED WITH
   2.6.5
